GIT
  remote: git://github.com/Circle-tech-fl/ffaker.git
  revision: 606c037155a3aa1b604b271ea3654698669b1c56
  specs:
    ffaker (1.25.0)

GIT
  remote: git://github.com/ctran/annotate_models.git
  revision: 038b13c04e575cc0f0c89c702c994166c7dc9955
  specs:
    annotate (2.6.5)
      activerecord (>= 2.3.0)
      rake (>= 0.8.7)

GIT
  remote: git://github.com/voxdolo/decent_exposure.git
  revision: d7736dfe7bfc135c23d3e9844986339bd2df1505
  specs:
    decent_exposure (2.3.2)

GIT
  remote: https://github.com/cucumber/cucumber-rails.git
  revision: 2af9160cb18a1e50d95c1957700635ee5027289a
  specs:
    cucumber-rails (1.4.2)
      capybara (>= 1.1.2, < 3)
      cucumber (>= 1.3.8, < 2)
      mime-types (>= 1.16, < 3)
      nokogiri (~> 1.5)
      rails (>= 3, < 5)

GEM
  remote: https://rubygems.org/
  specs:
    actionmailer (4.1.8)
      actionpack (= 4.1.8)
      actionview (= 4.1.8)
      mail (~> 2.5, >= 2.5.4)
    actionpack (4.1.8)
      actionview (= 4.1.8)
      activesupport (= 4.1.8)
      rack (~> 1.5.2)
      rack-test (~> 0.6.2)
    actionview (4.1.8)
      activesupport (= 4.1.8)
      builder (~> 3.1)
      erubis (~> 2.7.0)
    active_model_serializers (0.9.2)
      activemodel (>= 3.2)
    activemodel (4.1.8)
      activesupport (= 4.1.8)
      builder (~> 3.1)
    activerecord (4.1.8)
      activemodel (= 4.1.8)
      activesupport (= 4.1.8)
      arel (~> 5.0.0)
    activesupport (4.1.8)
      i18n (~> 0.6, >= 0.6.9)
      json (~> 1.7, >= 1.7.7)
      minitest (~> 5.1)
      thread_safe (~> 0.1)
      tzinfo (~> 1.1)
    activeuuid (0.5.0)
      activerecord (>= 3.1)
      uuidtools
    addressable (2.3.6)
    airbrake (4.1.0)
      builder
      multi_json
    arel (5.0.1.20140414130214)
    attr_encrypted (1.3.3)
      encryptor (>= 1.3.0)
    awesome_print (1.6.0)
    bcrypt (3.1.9)
    bcrypt-ruby (3.0.1)
    better_errors (2.1.0)
      coderay (>= 1.0.0)
      erubis (>= 2.6.6)
      rack (>= 0.9.0)
    binding_of_caller (0.7.2)
      debug_inspector (>= 0.0.1)
    bootstrap-sass (3.3.1.0)
      sass (~> 3.2)
    browser (0.8.0)
    builder (3.2.2)
    byebug (3.5.1)
      columnize (~> 0.8)
      debugger-linecache (~> 1.2)
      slop (~> 3.6)
    capistrano (2.15.5)
      highline
      net-scp (>= 1.0.0)
      net-sftp (>= 2.0.0)
      net-ssh (>= 2.0.14)
      net-ssh-gateway (>= 1.1.0)
    capybara (2.4.4)
      mime-types (>= 1.16)
      nokogiri (>= 1.3.3)
      rack (>= 1.0.0)
      rack-test (>= 0.5.4)
      xpath (~> 2.0)
    carrierwave (0.10.0)
      activemodel (>= 3.2.0)
      activesupport (>= 3.2.0)
      json (>= 1.7)
      mime-types (>= 1.16)
    celluloid (0.16.0)
      timers (~> 4.0.0)
    childprocess (0.5.5)
      ffi (~> 1.0, >= 1.0.11)
    chronic (0.10.2)
    coderay (1.1.0)
    coffee-rails (4.0.1)
      coffee-script (>= 2.2.0)
      railties (>= 4.0.0, < 5.0)
    coffee-script (2.3.0)
      coffee-script-source
      execjs
    coffee-script-source (1.8.0)
    columnize (0.9.0)
    connection_pool (2.1.0)
    countries (0.9.3)
      currencies (~> 0.4.2)
    cucumber (1.3.18)
      builder (>= 2.1.2)
      diff-lcs (>= 1.1.3)
      gherkin (~> 2.12)
      multi_json (>= 1.7.5, < 2.0)
      multi_test (>= 0.1.1)
    currencies (0.4.2)
    database_cleaner (1.3.0)
    debug_inspector (0.0.2)
    debugger-linecache (1.2.0)
    devise (3.4.1)
      bcrypt (~> 3.0)
      orm_adapter (~> 0.1)
      railties (>= 3.2.6, < 5)
      responders
      thread_safe (~> 0.1)
      warden (~> 1.2.3)
    diff-lcs (1.2.5)
    email_spec (1.6.0)
      launchy (~> 2.1)
      mail (~> 2.2)
    encryptor (1.3.0)
    erubis (2.7.0)
    excon (0.13.4)
    execjs (2.2.2)
    fabrication (2.11.3)
    fabrication-rails (0.0.1)
      fabrication
      railties (>= 3.0)
    factory_girl (4.5.0)
      activesupport (>= 3.0.0)
    factory_girl_rails (4.5.0)
      factory_girl (~> 4.5.0)
      railties (>= 3.0.0)
    ffi (1.9.6)
    fog (1.3.1)
      builder
      excon (~> 0.13.0)
      formatador (~> 0.2.0)
      mime-types
      multi_json (~> 1.0)
      net-scp (~> 1.0.4)
      net-ssh (>= 2.1.3)
      nokogiri (~> 1.5.0)
      ruby-hmac
    formatador (0.2.5)
    gem-open (0.1.7)
    geocoder (1.2.6)
    gherkin (2.12.2)
      multi_json (~> 1.3)
    haml (4.0.6)
      tilt
    hash-deep-merge (0.1.1)
    highline (1.6.21)
    hike (1.2.3)
    hitimes (1.2.2)
    i18n (0.7.0)
    jbuilder (1.5.3)
      activesupport (>= 3.0.0)
      multi_json (>= 1.2.0)
    jquery-datatables-rails (3.1.1)
      actionpack (>= 3.1)
      jquery-rails
      railties (>= 3.1)
      sass-rails
    jquery-rails (3.1.2)
      railties (>= 3.0, < 5.0)
      thor (>= 0.14, < 2.0)
    jquery-ui-rails (5.0.3)
      railties (>= 3.2.16)
    json (1.8.1)
    jwt (1.0.0)
    launchy (2.4.3)
      addressable (~> 2.3)
    lazy_high_charts (1.5.4)
      bundler (>= 1.0)
      hash-deep-merge
    letter_opener (1.3.0)
      launchy (~> 2.2)
    macaddr (1.7.1)
      systemu (~> 2.6.2)
    mail (2.6.3)
      mime-types (>= 1.16, < 3)
    mime-types (2.4.3)
    minitest (5.5.0)
    multi_json (1.10.1)
    multi_test (0.1.1)
    net-scp (1.0.4)
      net-ssh (>= 1.99.1)
    net-sftp (2.1.2)
      net-ssh (>= 2.6.5)
    net-ssh (2.9.1)
    net-ssh-gateway (1.2.0)
      net-ssh (>= 2.6.5)
    nokogiri (1.5.11)
    orm_adapter (0.5.0)
    paper_trail (3.0.6)
      activerecord (>= 3.0, < 5.0)
      activesupport (>= 3.0, < 5.0)
    pg (0.17.1)
    phony (2.8.9)
    phony_rails (0.8.2)
      activesupport (>= 3.0)
      countries (>= 0.8.2)
      phony (~> 2.8.3)
    populator (1.0.0)
    rack (1.5.5)
    rack-protection (1.5.3)
      rack
    rack-test (0.6.2)
      rack (>= 1.0)
    railroady (1.2.0)
    rails (4.1.8)
      actionmailer (= 4.1.8)
      actionpack (= 4.1.8)
      actionview (= 4.1.8)
      activemodel (= 4.1.8)
      activerecord (= 4.1.8)
      activesupport (= 4.1.8)
      bundler (>= 1.3.0, < 2.0)
      railties (= 4.1.8)
      sprockets-rails (~> 2.0)
    rails_12factor (0.0.3)
      rails_serve_static_assets
      rails_stdout_logging
    rails_serve_static_assets (0.0.3)
    rails_stdout_logging (0.0.3)
    railties (4.1.8)
      actionpack (= 4.1.8)
      activesupport (= 4.1.8)
      rake (>= 0.8.7)
      thor (>= 0.18.1, < 2.0)
    rake (10.4.2)
    rdoc (4.2.0)
      json (~> 1.4)
    redis (3.2.0)
    redis-namespace (1.5.1)
      redis (~> 3.0, >= 3.0.4)
    responders (1.1.2)
      railties (>= 3.2, < 4.2)
    rspec (2.99.0)
      rspec-core (~> 2.99.0)
      rspec-expectations (~> 2.99.0)
      rspec-mocks (~> 2.99.0)
    rspec-collection_matchers (1.1.2)
      rspec-expectations (>= 2.99.0.beta1)
    rspec-core (2.99.2)
    rspec-expectations (2.99.2)
      diff-lcs (>= 1.1.3, < 2.0)
    rspec-mocks (2.99.2)
    rspec-rails (2.99.0)
      actionpack (>= 3.0)
      activemodel (>= 3.0)
      activesupport (>= 3.0)
      railties (>= 3.0)
      rspec-collection_matchers
      rspec-core (~> 2.99.0)
      rspec-expectations (~> 2.99.0)
      rspec-mocks (~> 2.99.0)
    ruby-hmac (0.4.0)
    rubyzip (1.1.6)
    rvm-capistrano (1.5.5)
      capistrano (~> 2.15.4)
    sass (3.2.19)
    sass-rails (4.0.5)
      railties (>= 4.0.0, < 5.0)
      sass (~> 3.2.2)
      sprockets (~> 2.8, < 3.0)
      sprockets-rails (~> 2.0)
    sdoc (0.4.1)
      json (~> 1.7, >= 1.7.7)
      rdoc (~> 4.0)
    selenium-webdriver (2.44.0)
      childprocess (~> 0.5)
      multi_json (~> 1.0)
      rubyzip (~> 1.0)
      websocket (~> 1.0)
    sidekiq (3.3.0)
      celluloid (>= 0.16.0)
      connection_pool (>= 2.0.0)
      json
      redis (>= 3.0.6)
      redis-namespace (>= 1.3.1)
    sidekiq-failures (0.4.3)
      sidekiq (>= 2.16.0)
    sidekiq-superworker (1.0.0)
      activemodel (>= 3.2)
      activesupport (>= 3.2)
      sidekiq (>= 2.1.0)
    simple_form (3.1.0)
      actionpack (~> 4.0)
      activemodel (~> 4.0)
    sinatra (1.4.5)
      rack (~> 1.4)
      rack-protection (~> 1.4)
      tilt (~> 1.3, >= 1.3.4)
    slop (3.6.0)
    spinner.rb (0.3.0)
    sprockets (2.12.3)
      hike (~> 1.2)
      multi_json (~> 1.0)
      rack (~> 1.0)
      tilt (~> 1.1, != 1.3.0)
    sprockets-rails (2.2.2)
      actionpack (>= 3.0)
      activesupport (>= 3.0)
      sprockets (>= 2.8, < 4.0)
    ssn (1.0.2)
      rails
    systemu (2.6.4)
    thor (0.19.1)
    thread_safe (0.3.4)
    tilt (1.4.1)
    time_diff (0.3.0)
      activesupport
      i18n
    timers (4.0.1)
      hitimes
    turbolinks (2.5.3)
      coffee-rails
    twilio-ruby (3.14.2)
      builder (>= 2.1.2)
      jwt (~> 1.0.0)
      multi_json (>= 1.3.0)
    tzinfo (1.2.2)
      thread_safe (~> 0.1)
    uglifier (2.6.0)
      execjs (>= 0.3.0)
      json (>= 1.8.0)
    uuid (2.3.7)
      macaddr (~> 1.0)
    uuidtools (2.1.5)
    warden (1.2.3)
      rack (>= 1.0)
    watir-webdriver (0.6.11)
      selenium-webdriver (>= 2.18.0)
    websocket (1.2.1)
    will_paginate (3.0.7)
    xpath (2.0.0)
      nokogiri (~> 1.3)

PLATFORMS
  ruby

DEPENDENCIES
  active_model_serializers
  activeuuid
  airbrake
  annotate!
  attr_encrypted
  awesome_print
  bcrypt-ruby (~> 3.0.0)
  better_errors
  binding_of_caller
  bootstrap-sass
  browser
  byebug
  capistrano (~> 2.15.5)
  capybara
  carrierwave
  chronic
  coffee-rails (~> 4.0.0)
  cucumber-rails!
  database_cleaner
  decent_exposure!
  devise
  email_spec
  fabrication-rails
  factory_girl_rails
  ffaker!
  fog (~> 1.3.1)
  gem-open
  geocoder
  haml
  jbuilder (~> 1.2)
  jquery-datatables-rails
  jquery-rails
  jquery-ui-rails
  json
  lazy_high_charts
  letter_opener
  paper_trail (~> 3.0.6)
  pg
  phony_rails
  populator
  railroady
  rails (= 4.1.8)
  rails_12factor
  rspec
  rspec-rails (~> 2.0)
  rvm-capistrano
  sass-rails (~> 4.0.0)
  sdoc
  selenium-webdriver
  sidekiq
  sidekiq-failures
  sidekiq-superworker
  simple_form
  sinatra
  spinner.rb
  ssn (~> 1.0.0)
  time_diff
  turbolinks
  twilio-ruby
  uglifier (>= 1.3.0)
  uuid
  uuidtools
  watir-webdriver
  will_paginate
